GEM
  remote: https://rubygems.org/
  specs:
    concurrent-ruby (1.0.5)
    rake (12.3.3)

PLATFORMS
  ruby

DEPENDENCIES
  concurrent-ruby (~> 1.0, >= 1.0.5)
  rake (~> 12.3.3)

BUNDLED WITH
   2.0.2
